GEM
  specs:
    coderay (1.1.3)
    method_source (1.0.0)
    pry (0.14.1)
      coderay (~> 1.1)
      method_source (~> 1.0)
    thor (1.0.1)

PLATFORMS
  ruby

DEPENDENCIES
  pry
  thor

BUNDLED WITH
   2.1.2
