GEM
  specs:
    thor (1.0.1)

PLATFORMS
  ruby

DEPENDENCIES
  thor

BUNDLED WITH
   2.1.2
